GEM
  remote: https://rubygems.org/
  specs:
    columnize (0.3.6)
    googlecalendar (1.1.0)
      hoe (>= 1.8.0)
    hoe (3.6.0)
      rake (>= 0.8, < 11.0)
    json (1.7.7)
    json (1.7.7-java)
    linecache (0.46)
      rbx-require-relative (> 0.0.4)
    mime-types (1.19)
    nokogiri (1.5.9-java)
    rake (10.0.4)
    rbx-require-relative (0.0.9)
    rest-client (1.6.7)
      mime-types (>= 1.16)
    ruby-debug (0.10.4)
      columnize (>= 0.1)
      ruby-debug-base (~> 0.10.4.0)
    ruby-debug-base (0.10.4)
      linecache (>= 0.3)
    ruby-debug-base (0.10.4-java)
    ruby-debug-ide (0.4.17.beta17)
      rake (>= 0.8.1)

PLATFORMS
  java
  ruby

DEPENDENCIES
  googlecalendar
  json
  nokogiri
  rest-client
  ruby-debug
  ruby-debug-ide (~> 0.4.17.beta)
